GEM
  remote: https://rubygems.org/
  specs:
    ezcrypto (0.7.2)
    json (1.7.5)
    oauth (0.4.7)
    terminal-notifier (1.5.1)
    uservoice-ruby (0.0.8)
      ezcrypto (>= 0.7.2)
      json (>= 1.7.5)
      oauth (>= 0.4.7)

PLATFORMS
  ruby

DEPENDENCIES
  terminal-notifier
  uservoice-ruby
